GEM
  remote: https://rubygems.org/
  specs:
    RedCloth (4.2.9)
    activesupport (3.2.14)
      i18n (~> 0.6, >= 0.6.4)
      multi_json (~> 1.0)
    better_errors (0.7.2)
      coderay (>= 1.0.0)
      erubis (>= 2.6.6)
    chronic (0.9.1)
    chunky_png (1.2.8)
    coderay (1.1.0)
    coffee-script (2.2.0)
      coffee-script-source
      execjs
    coffee-script-source (1.6.3)
    colorize (0.5.8)
    commonjs (0.2.7)
    compass (0.12.2)
      chunky_png (~> 1.2)
      fssm (>= 0.2.7)
      sass (~> 3.1)
    daemons (1.1.9)
    dragonfly (0.9.15)
      multi_json (~> 1.0)
      rack
    erubis (2.7.0)
    eventmachine (1.0.3)
    execjs (2.0.2)
    faker (0.9.5)
      i18n (~> 0.4)
    fssm (0.2.10)
    haml (4.0.3)
      tilt
    hike (1.2.3)
    httmultiparty (0.3.10)
      httparty (>= 0.7.3)
      multipart-post
    httparty (0.11.0)
      multi_json (~> 1.0)
      multi_xml (>= 0.5.2)
    i18n (0.6.5)
    json (1.8.0)
    less (2.2.2)
      commonjs (~> 0.2.6)
    listen (0.7.3)
    locomotive_liquid (2.4.2)
    locomotivecms_mounter (1.2.7)
      RedCloth (~> 4.2.3)
      activesupport (~> 3.2.14)
      chronic (~> 0.9.1)
      coffee-script (~> 2.2.0)
      colorize (~> 0.5.8)
      compass (~> 0.12.1)
      haml (~> 4.0.3)
      httmultiparty (= 0.3.10)
      i18n (~> 0.6.0)
      json (~> 1.8.0)
      less (~> 2.2.1)
      logger
      mime-types (~> 1.19)
      multi_json (~> 1.2.0)
      sass (~> 3.2.1)
      sprockets (~> 2.0)
      sprockets-sass
      stringex (~> 1.4.0)
      tilt (= 1.3.3)
      zip (~> 2.0.2)
    locomotivecms_wagon (1.2.2)
      RedCloth (~> 4.2.9)
      activesupport (~> 3.2.11)
      better_errors (~> 0.7.2)
      dragonfly (~> 0.9.12)
      faker (~> 0.9.5)
      httmultiparty (= 0.3.10)
      listen (~> 0.7.0)
      locomotive_liquid (~> 2.4.2)
      locomotivecms_mounter (~> 1.2.2)
      rack-cache (~> 1.1)
      sprockets (~> 2.0)
      sprockets-sass (~> 1.0.1)
      thin
      thor
      will_paginate (~> 3.0.3)
    logger (1.2.8)
    mime-types (1.25)
    multi_json (1.2.0)
    multi_xml (0.5.5)
    multipart-post (1.2.0)
    rack (1.5.2)
    rack-cache (1.2)
      rack (>= 0.4)
    rb-fsevent (0.9.3)
    sass (3.2.12)
    sprockets (2.10.0)
      hike (~> 1.2)
      multi_json (~> 1.0)
      rack (~> 1.0)
      tilt (~> 1.1, != 1.3.0)
    sprockets-sass (1.0.2)
      sprockets (~> 2.0)
      tilt (~> 1.1)
    stringex (1.4.0)
    susy (1.0.9)
      compass (>= 0.12.2)
      sass (>= 3.2.0)
    thin (1.6.0)
      daemons (>= 1.0.9)
      eventmachine (>= 1.0.0)
      rack (>= 1.5.0)
    thor (0.18.1)
    tilt (1.3.3)
    will_paginate (3.0.5)
    zip (2.0.2)

PLATFORMS
  ruby

DEPENDENCIES
  locomotivecms_mounter
  locomotivecms_wagon
  rb-fsevent (~> 0.9.1)
  susy
