GEM
  remote: https://rubygems.org/
  specs:
    RedCloth (4.2.9)
    activesupport (3.2.13)
      i18n (= 0.6.1)
      multi_json (~> 1.0)
    better_errors (0.7.2)
      coderay (>= 1.0.0)
      erubis (>= 2.6.6)
    chunky_png (1.2.8)
    coderay (1.0.9)
    coffee-script (2.2.0)
      coffee-script-source
      execjs
    coffee-script-source (1.6.2)
    colorize (0.5.8)
    commonjs (0.2.6)
    compass (0.12.2)
      chunky_png (~> 1.2)
      fssm (>= 0.2.7)
      sass (~> 3.1)
    daemons (1.1.9)
    dragonfly (0.9.15)
      multi_json (~> 1.0)
      rack
    em-websocket (0.5.0)
      eventmachine (>= 0.12.9)
      http_parser.rb (~> 0.5.3)
    erubis (2.7.0)
    eventmachine (1.0.3)
    execjs (1.4.0)
      multi_json (~> 1.0)
    faker (0.9.5)
      i18n (~> 0.4)
    ffi (1.9.0)
    formatador (0.2.4)
    fssm (0.2.10)
    guard (1.7.0)
      formatador (>= 0.2.4)
      listen (>= 0.6.0)
      lumberjack (>= 1.0.2)
      pry (>= 0.9.10)
      thor (>= 0.14.6)
    guard-livereload (1.3.0)
      em-websocket (>= 0.2.0)
      guard (>= 1.5.0)
      multi_json (~> 1.0)
    haml (3.2.0.rc.2)
      tilt
    httmultiparty (0.3.8)
      httparty (>= 0.7.3)
      multipart-post
    http_parser.rb (0.5.3)
    httparty (0.11.0)
      multi_json (~> 1.0)
      multi_xml (>= 0.5.2)
    i18n (0.6.1)
    json (1.8.0)
    less (2.2.2)
      commonjs (~> 0.2.6)
    libnotify (0.8.1)
      ffi (>= 1.0.11)
    listen (0.7.3)
    locomotive_liquid (2.4.2)
    locomotivecms_mounter (1.1.0)
      RedCloth (~> 4.2.3)
      activesupport (~> 3.2.5)
      coffee-script (~> 2.2.0)
      colorize (~> 0.5.8)
      compass (~> 0.12.1)
      haml (= 3.2.0.rc.2)
      httmultiparty (= 0.3.8)
      i18n (~> 0.6.0)
      json (~> 1.8.0)
      less (~> 2.2.1)
      logger
      mime-types (~> 1.19)
      multi_json (~> 1.2.0)
      sass (~> 3.2.1)
      stringex (~> 1.4.0)
      tilt (= 1.3.3)
      zip (~> 2.0.2)
    locomotivecms_wagon (1.1.0)
      RedCloth (~> 4.2.9)
      activesupport (~> 3.2.11)
      better_errors (~> 0.7.2)
      dragonfly (~> 0.9.12)
      faker (~> 0.9.5)
      httmultiparty (= 0.3.8)
      listen (~> 0.7.0)
      locomotive_liquid (~> 2.4.1)
      locomotivecms_mounter (~> 1.1.0)
      rack-cache (~> 1.1)
      thin
      thor
      will_paginate (~> 3.0.3)
    logger (1.2.8)
    lumberjack (1.0.4)
    method_source (0.8.2)
    mime-types (1.23)
    multi_json (1.2.0)
    multi_xml (0.5.4)
    multipart-post (1.2.0)
    pry (0.9.12.2)
      coderay (~> 1.0.5)
      method_source (~> 0.8)
      slop (~> 3.4)
    rack (1.5.2)
    rack-cache (1.2)
      rack (>= 0.4)
    rb-fsevent (0.9.3)
    rb-inotify (0.9.0)
      ffi (>= 0.5.0)
    sass (3.2.9)
    slop (3.4.6)
    stringex (1.4.0)
    susy (1.0.8)
      compass (>= 0.12.2)
      sass (>= 3.2.0)
    thin (1.5.1)
      daemons (>= 1.0.9)
      eventmachine (>= 0.12.6)
      rack (>= 1.0.0)
    thor (0.18.1)
    tilt (1.3.3)
    will_paginate (3.0.4)
    yajl-ruby (1.1.0)
    zip (2.0.2)

PLATFORMS
  ruby

DEPENDENCIES
  guard
  guard-livereload
  libnotify
  locomotivecms_wagon (~> 1.1.0)
  rb-fsevent (~> 0.9.1)
  rb-inotify
  susy
  yajl-ruby
